GEM
  remote: https://rubygems.org/
  remote: http://gems.sv2/
  specs:
    aws-eventstream (1.0.3)
    aws-partitions (1.261.0)
    aws-sdk-core (3.86.0)
      aws-eventstream (~> 1.0, >= 1.0.2)
      aws-partitions (~> 1, >= 1.239.0)
      aws-sigv4 (~> 1.1)
      jmespath (~> 1.0)
    aws-sdk-medialive (1.40.0)
      aws-sdk-core (~> 3, >= 3.71.0)
      aws-sigv4 (~> 1.1)
    aws-sigv4 (1.1.0)
      aws-eventstream (~> 1.0, >= 1.0.2)
    awslive-inputlooper (0.1.1)
      aws-sdk-medialive (~> 1.40)
    jmespath (1.4.0)

PLATFORMS
  ruby

DEPENDENCIES
  awslive-inputlooper

BUNDLED WITH
   2.0.2
